GEM
  remote: https://rubygems.org/
  specs:
    json (1.8.1)
    puma (2.8.2)
      rack (>= 1.1, < 2.0)
    rack (1.5.2)
    rack-protection (1.5.3)
      rack
    robut (0.5.2)
      sinatra (~> 1.3)
      xmpp4r (~> 0.5.0)
    sinatra (1.4.5)
      rack (~> 1.4)
      rack-protection (~> 1.4)
      tilt (~> 1.3, >= 1.3.4)
    tilt (1.4.1)
    xmpp4r (0.5.6)

PLATFORMS
  ruby

DEPENDENCIES
  json
  puma
  robut
